PATH
  remote: .
  specs:
    iamwriter (0.0.1)
      gtk2

GEM
  remote: https://rubygems.org/
  specs:
    atk (1.2.6)
      glib2 (>= 1.2.6)
    cairo (1.12.4)
      pkg-config
    gdk_pixbuf2 (1.2.6)
      glib2 (>= 1.2.6)
    glib2 (1.2.6)
      pkg-config
    gtk2 (1.2.6)
      atk (>= 1.2.6)
      gdk_pixbuf2 (>= 1.2.6)
      pango (>= 1.2.6)
    pango (1.2.6)
      cairo (>= 1.10.0)
      glib2 (>= 1.2.6)
    pkg-config (1.1.4)
    rake (10.0.4)

PLATFORMS
  ruby

DEPENDENCIES
  bundler (~> 1.3)
  iamwriter!
  rake
